GEM
  remote: http://rubygems.org/
  specs:
    aws-s3 (0.6.2)
      builder
      mime-types
      xml-simple
    builder (3.0.0)
    haml (3.1.2)
    mime-types (1.16)
    nest (1.1.0)
      redis (~> 2.1)
    newrelic_rpm (3.3.2.1)
    ohm (0.1.3)
      nest (~> 1.0)
    rack (1.3.0)
    redis (2.2.1)
    shotgun (0.9)
      rack (>= 1.0)
    sinatra (1.2.6)
      rack (~> 1.1)
      tilt (>= 1.2.2, < 2.0)
    tilt (1.3.2)
    xml-simple (1.0.16)

PLATFORMS
  ruby

DEPENDENCIES
  aws-s3
  haml
  newrelic_rpm
  ohm
  shotgun
  sinatra
